GEM
  remote: https://rubygems.org/
  specs:
    mustermann (3.0.0)
      ruby2_keywords (~> 0.0.1)
    pdfkit (0.8.7.1)
    rack (2.2.6.2)
    rack-protection (3.0.5)
      rack
    ruby2_keywords (0.0.5)
    sinatra (3.0.5)
      mustermann (~> 3.0)
      rack (~> 2.2, >= 2.2.4)
      rack-protection (= 3.0.5)
      tilt (~> 2.0)
    tilt (2.0.11)
    webrick (1.8.1)

PLATFORMS
  x86_64-linux

DEPENDENCIES
  pdfkit (< 0.8.7.2)
  sinatra
  webrick

BUNDLED WITH
   2.4.1
